GEM
  specs:
    foreman (0.61.0)
      thor (>= 0.13.6)
    mime-types (1.19)
    rack (1.4.3)
    rack-protection (1.3.2)
      rack
    rest-client (1.6.7)
      mime-types (>= 1.16)
    sinatra (1.3.3)
      rack (~> 1.3, >= 1.3.6)
      rack-protection (~> 1.2)
      tilt (~> 1.3, >= 1.3.3)
    sinatra-cross_origin (0.2.0)
    thor (0.15.4)
    tilt (1.3.3)

PLATFORMS
  ruby

DEPENDENCIES
  foreman
  rest-client
  sinatra
  sinatra-cross_origin
